PATH
  remote: .
  specs:
    konfiguracja (0.0.0)
      dry-configurable (~> 0.16)
      dry-initializer (~> 3.0)
      dry-struct (~> 1.0)

GEM
  remote: https://rubygems.org/
  specs:
    ast (2.4.2)
    concurrent-ruby (1.1.10)
    dry-configurable (0.16.1)
      dry-core (~> 0.6)
      zeitwerk (~> 2.6)
    dry-container (0.11.0)
      concurrent-ruby (~> 1.0)
    dry-core (0.9.1)
      concurrent-ruby (~> 1.0)
      zeitwerk (~> 2.6)
    dry-inflector (0.3.0)
    dry-initializer (3.1.1)
    dry-logic (1.3.0)
      concurrent-ruby (~> 1.0)
      dry-core (~> 0.9, >= 0.9)
      zeitwerk (~> 2.6)
    dry-struct (1.5.2)
      dry-core (~> 0.9, >= 0.9)
      dry-types (~> 1.6)
      ice_nine (~> 0.11)
      zeitwerk (~> 2.6)
    dry-types (1.6.1)
      concurrent-ruby (~> 1.0)
      dry-container (~> 0.3)
      dry-core (~> 0.9, >= 0.9)
      dry-inflector (~> 0.1, >= 0.1.2)
      dry-logic (~> 1.3, >= 1.3)
      zeitwerk (~> 2.6)
    ice_nine (0.11.2)
    json (2.6.2)
    maxitest (4.2.0)
      minitest (>= 5.0.0, < 5.17.0)
    minitest (5.16.3)
    parallel (1.22.1)
    parser (3.1.2.1)
      ast (~> 2.4.1)
    rainbow (3.1.1)
    rake (13.0.6)
    regexp_parser (2.6.0)
    rexml (3.2.5)
    rubocop (1.35.1)
      json (~> 2.3)
      parallel (~> 1.10)
      parser (>= 3.1.2.1)
      rainbow (>= 2.2.2, < 4.0)
      regexp_parser (>= 1.8, < 3.0)
      rexml (>= 3.2.5, < 4.0)
      rubocop-ast (>= 1.20.1, < 2.0)
      ruby-progressbar (~> 1.7)
      unicode-display_width (>= 1.4.0, < 3.0)
    rubocop-ast (1.23.0)
      parser (>= 3.1.1.0)
    rubocop-performance (1.14.3)
      rubocop (>= 1.7.0, < 2.0)
      rubocop-ast (>= 0.4.0)
    ruby-progressbar (1.11.0)
    standard (1.16.1)
      rubocop (= 1.35.1)
      rubocop-performance (= 1.14.3)
    unicode-display_width (2.3.0)
    with_env (1.1.0)
    zeitwerk (2.6.4)

PLATFORMS
  x86_64-linux

DEPENDENCIES
  konfiguracja!
  maxitest (~> 4.2)
  rake (~> 13.0)
  standard (~> 1.3)
  with_env (~> 1.1)

BUNDLED WITH
   2.3.9
